GEM
  remote: https://rubygems.org/
  specs:
    observr (1.0.5)
    rake (13.0.3)

PLATFORMS
  ruby

DEPENDENCIES
  observr
  rake

BUNDLED WITH
   2.0.2
